GEM
  remote: http://rubygems.org/
  specs:
    rack (1.4.1)
    rack-protection (1.2.0)
      rack
    shotgun (0.9)
      rack (>= 1.0)
    sinatra (1.3.2)
      rack (~> 1.3, >= 1.3.6)
      rack-protection (~> 1.2)
      tilt (~> 1.3, >= 1.3.3)
    sinatra-cross_origin (0.1.0)
    tilt (1.3.3)

PLATFORMS
  ruby

DEPENDENCIES
  shotgun
  sinatra
  sinatra-cross_origin
